GEM
  remote: https://rubygems.org/
  specs:
    actioncable (6.1.4)
      actionpack (= 6.1.4)
      activesupport (= 6.1.4)
      nio4r (~> 2.0)
      websocket-driver (>= 0.6.1)
    actionmailbox (6.1.4)
      actionpack (= 6.1.4)
      activejob (= 6.1.4)
      activerecord (= 6.1.4)
      activestorage (= 6.1.4)
      activesupport (= 6.1.4)
      mail (>= 2.7.1)
    actionmailer (6.1.4)
      actionpack (= 6.1.4)
      actionview (= 6.1.4)
      activejob (= 6.1.4)
      activesupport (= 6.1.4)
      mail (~> 2.5, >= 2.5.4)
      rails-dom-testing (~> 2.0)
    actionpack (6.1.4)
      actionview (= 6.1.4)
      activesupport (= 6.1.4)
      rack (~> 2.0, >= 2.0.9)
      rack-test (>= 0.6.3)
      rails-dom-testing (~> 2.0)
      rails-html-sanitizer (~> 1.0, >= 1.2.0)
    actiontext (6.1.4)
      actionpack (= 6.1.4)
      activerecord (= 6.1.4)
      activestorage (= 6.1.4)
      activesupport (= 6.1.4)
      nokogiri (>= 1.8.5)
    actionview (6.1.4)
      activesupport (= 6.1.4)
      builder (~> 3.1)
      erubi (~> 1.4)
      rails-dom-testing (~> 2.0)
      rails-html-sanitizer (~> 1.1, >= 1.2.0)
    activejob (6.1.4)
      activesupport (= 6.1.4)
      globalid (>= 0.3.6)
    activemodel (6.1.4)
      activesupport (= 6.1.4)
    activerecord (6.1.4)
      activemodel (= 6.1.4)
      activesupport (= 6.1.4)
    activestorage (6.1.4)
      actionpack (= 6.1.4)
      activejob (= 6.1.4)
      activerecord (= 6.1.4)
      activesupport (= 6.1.4)
      marcel (~> 1.0.0)
      mini_mime (>= 1.1.0)
    activesupport (6.1.4)
      concurrent-ruby (~> 1.0, >= 1.0.2)
      i18n (>= 1.6, < 2)
      minitest (>= 5.1)
      tzinfo (~> 2.0)
      zeitwerk (~> 2.3)
    builder (3.2.4)
    concurrent-ruby (1.1.9)
    crass (1.0.6)
    erubi (1.10.0)
    faraday (1.4.3)
      faraday-em_http (~> 1.0)
      faraday-em_synchrony (~> 1.0)
      faraday-excon (~> 1.1)
      faraday-net_http (~> 1.0)
      faraday-net_http_persistent (~> 1.1)
      multipart-post (>= 1.2, < 3)
      ruby2_keywords (>= 0.0.4)
    faraday-em_http (1.0.0)
    faraday-em_synchrony (1.0.0)
    faraday-excon (1.1.0)
    faraday-net_http (1.0.1)
    faraday-net_http_persistent (1.1.0)
    globalid (0.4.2)
      activesupport (>= 4.2.0)
    google-protobuf (3.19.2)
    i18n (1.8.10)
      concurrent-ruby (~> 1.0)
    loofah (2.10.0)
      crass (~> 1.0.2)
      nokogiri (>= 1.5.9)
    mail (2.7.1)
      mini_mime (>= 0.1.1)
    marcel (1.0.1)
    method_source (1.0.0)
    mini_mime (1.1.0)
    mini_portile2 (2.8.0)
    minitest (5.14.4)
    multipart-post (2.1.1)
    nio4r (2.5.8)
    nokogiri (1.13.4)
      mini_portile2 (~> 2.8.0)
      racc (~> 1.4)
    opentelemetry-api (1.0.0.rc2)
    opentelemetry-common (0.19.0)
      opentelemetry-api (~> 1.0.0.rc2)
    opentelemetry-exporter-otlp (0.20.0)
      google-protobuf (~> 3.7)
      opentelemetry-api (~> 1.0.0.rc2)
      opentelemetry-common (~> 0.19.0)
      opentelemetry-sdk (~> 1.0.0.rc2)
    opentelemetry-instrumentation-active_job (0.1.0)
      opentelemetry-api (~> 1.0.0.rc2)
      opentelemetry-instrumentation-base (~> 0.18.1)
    opentelemetry-instrumentation-active_model_serializers (0.18.1)
      opentelemetry-api (~> 1.0.0.rc2)
      opentelemetry-instrumentation-base (~> 0.18.1)
    opentelemetry-instrumentation-all (0.19.0)
      opentelemetry-instrumentation-active_job (~> 0.1.0)
      opentelemetry-instrumentation-active_model_serializers (~> 0.18.1)
      opentelemetry-instrumentation-bunny (~> 0.18.1)
      opentelemetry-instrumentation-concurrent_ruby (~> 0.18.1)
      opentelemetry-instrumentation-dalli (~> 0.18.1)
      opentelemetry-instrumentation-delayed_job (~> 0.18.1)
      opentelemetry-instrumentation-ethon (~> 0.19.0)
      opentelemetry-instrumentation-excon (~> 0.19.0)
      opentelemetry-instrumentation-faraday (~> 0.19.0)
      opentelemetry-instrumentation-graphql (~> 0.18.1)
      opentelemetry-instrumentation-http (~> 0.19.0)
      opentelemetry-instrumentation-http_client (~> 0.19.0)
      opentelemetry-instrumentation-koala (~> 0.18.1)
      opentelemetry-instrumentation-lmdb (~> 0.18.1)
      opentelemetry-instrumentation-mongo (~> 0.18.1)
      opentelemetry-instrumentation-mysql2 (~> 0.18.1)
      opentelemetry-instrumentation-net_http (~> 0.19.0)
      opentelemetry-instrumentation-pg (~> 0.18.1)
      opentelemetry-instrumentation-rack (~> 0.19.0)
      opentelemetry-instrumentation-rails (~> 0.18.1)
      opentelemetry-instrumentation-redis (~> 0.20.0)
      opentelemetry-instrumentation-resque (~> 0.1.0)
      opentelemetry-instrumentation-restclient (~> 0.19.0)
      opentelemetry-instrumentation-ruby_kafka (~> 0.18.1)
      opentelemetry-instrumentation-sidekiq (~> 0.19.0)
      opentelemetry-instrumentation-sinatra (~> 0.19.0)
    opentelemetry-instrumentation-base (0.18.1)
      opentelemetry-api (~> 1.0.0.rc2)
    opentelemetry-instrumentation-bunny (0.18.1)
      opentelemetry-api (~> 1.0.0.rc2)
      opentelemetry-instrumentation-base (~> 0.18.1)
    opentelemetry-instrumentation-concurrent_ruby (0.18.1)
      opentelemetry-api (~> 1.0.0.rc2)
      opentelemetry-instrumentation-base (~> 0.18.1)
    opentelemetry-instrumentation-dalli (0.18.1)
      opentelemetry-api (~> 1.0.0.rc2)
      opentelemetry-common (~> 0.19.0)
      opentelemetry-instrumentation-base (~> 0.18.1)
    opentelemetry-instrumentation-delayed_job (0.18.1)
      opentelemetry-api (~> 1.0.0.rc2)
      opentelemetry-instrumentation-base (~> 0.18.1)
    opentelemetry-instrumentation-ethon (0.19.0)
      opentelemetry-api (~> 1.0.0.rc2)
      opentelemetry-common (~> 0.19.0)
      opentelemetry-instrumentation-base (~> 0.18.1)
    opentelemetry-instrumentation-excon (0.19.0)
      opentelemetry-api (~> 1.0.0.rc2)
      opentelemetry-common (~> 0.19.0)
      opentelemetry-instrumentation-base (~> 0.18.1)
    opentelemetry-instrumentation-faraday (0.19.0)
      opentelemetry-api (~> 1.0.0.rc2)
      opentelemetry-common (~> 0.19.0)
      opentelemetry-instrumentation-base (~> 0.18.1)
    opentelemetry-instrumentation-graphql (0.18.1)
      opentelemetry-api (~> 1.0.0.rc2)
      opentelemetry-instrumentation-base (~> 0.18.1)
    opentelemetry-instrumentation-http (0.19.0)
      opentelemetry-api (~> 1.0.0.rc2)
      opentelemetry-instrumentation-base (~> 0.18.1)
    opentelemetry-instrumentation-http_client (0.19.0)
      opentelemetry-api (~> 1.0.0.rc2)
      opentelemetry-common (~> 0.19.0)
      opentelemetry-instrumentation-base (~> 0.18.1)
    opentelemetry-instrumentation-koala (0.18.1)
      opentelemetry-api (~> 1.0.0.rc2)
      opentelemetry-common (~> 0.19.0)
      opentelemetry-instrumentation-base (~> 0.18.1)
    opentelemetry-instrumentation-lmdb (0.18.1)
      opentelemetry-api (~> 1.0.0.rc2)
      opentelemetry-instrumentation-base (~> 0.18.1)
    opentelemetry-instrumentation-mongo (0.18.1)
      opentelemetry-api (~> 1.0.0.rc2)
      opentelemetry-instrumentation-base (~> 0.18.1)
    opentelemetry-instrumentation-mysql2 (0.18.1)
      opentelemetry-api (~> 1.0.0.rc2)
      opentelemetry-instrumentation-base (~> 0.18.1)
    opentelemetry-instrumentation-net_http (0.19.0)
      opentelemetry-api (~> 1.0.0.rc2)
      opentelemetry-common (~> 0.19.0)
      opentelemetry-instrumentation-base (~> 0.18.1)
    opentelemetry-instrumentation-pg (0.18.1)
      opentelemetry-api (~> 1.0.0.rc2)
      opentelemetry-instrumentation-base (~> 0.18.1)
    opentelemetry-instrumentation-rack (0.19.0)
      opentelemetry-api (~> 1.0.0.rc2)
      opentelemetry-instrumentation-base (~> 0.18.1)
    opentelemetry-instrumentation-rails (0.18.1)
      opentelemetry-api (~> 1.0.0.rc2)
      opentelemetry-instrumentation-base (~> 0.18.1)
      opentelemetry-instrumentation-rack (~> 0.19.0)
    opentelemetry-instrumentation-redis (0.20.0)
      opentelemetry-api (~> 1.0.0.rc2)
      opentelemetry-common (~> 0.19.0)
      opentelemetry-instrumentation-base (~> 0.18.1)
    opentelemetry-instrumentation-resque (0.1.0)
      opentelemetry-api (~> 1.0.0.rc2)
      opentelemetry-instrumentation-base (~> 0.18.1)
    opentelemetry-instrumentation-restclient (0.19.0)
      opentelemetry-api (~> 1.0.0.rc2)
      opentelemetry-common (~> 0.19.0)
      opentelemetry-instrumentation-base (~> 0.18.1)
    opentelemetry-instrumentation-ruby_kafka (0.18.1)
      opentelemetry-api (~> 1.0.0.rc2)
      opentelemetry-instrumentation-base (~> 0.18.1)
    opentelemetry-instrumentation-sidekiq (0.19.0)
      opentelemetry-api (~> 1.0.0.rc2)
      opentelemetry-common (~> 0.19.0)
      opentelemetry-instrumentation-base (~> 0.18.1)
    opentelemetry-instrumentation-sinatra (0.19.0)
      opentelemetry-api (~> 1.0.0.rc2)
      opentelemetry-instrumentation-base (~> 0.18.1)
    opentelemetry-sdk (1.0.0.rc2)
      opentelemetry-api (~> 1.0.0.rc2)
      opentelemetry-common (~> 0.19.0)
      opentelemetry-instrumentation-base (~> 0.18.1)
    puma (5.5.1)
      nio4r (~> 2.0)
    racc (1.6.0)
    rack (2.2.3)
    rack-test (1.1.0)
      rack (>= 1.0, < 3)
    rails (6.1.4)
      actioncable (= 6.1.4)
      actionmailbox (= 6.1.4)
      actionmailer (= 6.1.4)
      actionpack (= 6.1.4)
      actiontext (= 6.1.4)
      actionview (= 6.1.4)
      activejob (= 6.1.4)
      activemodel (= 6.1.4)
      activerecord (= 6.1.4)
      activestorage (= 6.1.4)
      activesupport (= 6.1.4)
      bundler (>= 1.15.0)
      railties (= 6.1.4)
      sprockets-rails (>= 2.0.0)
    rails-dom-testing (2.0.3)
      activesupport (>= 4.2.0)
      nokogiri (>= 1.6)
    rails-html-sanitizer (1.3.0)
      loofah (~> 2.3)
    railties (6.1.4)
      actionpack (= 6.1.4)
      activesupport (= 6.1.4)
      method_source
      rake (>= 0.13)
      thor (~> 1.0)
    rake (13.0.3)
    ruby2_keywords (0.0.4)
    sprockets (4.0.2)
      concurrent-ruby (~> 1.0)
      rack (> 1, < 3)
    sprockets-rails (3.2.2)
      actionpack (>= 4.0)
      activesupport (>= 4.0)
      sprockets (>= 3.0.0)
    thor (1.1.0)
    tzinfo (2.0.4)
      concurrent-ruby (~> 1.0)
    websocket-driver (0.7.5)
      websocket-extensions (>= 0.1.0)
    websocket-extensions (0.1.5)
    zeitwerk (2.4.2)

PLATFORMS
  ruby

DEPENDENCIES
  faraday
  opentelemetry-exporter-otlp
  opentelemetry-instrumentation-all
  opentelemetry-sdk
  puma
  rails

BUNDLED WITH
   2.1.4
